GEM
  remote: http://rubygems.org/
  specs:
    gash (0.1.3)
      open4 (>= 0, = 0.9.6)
    git (1.2.5)
    gli (1.3.2)
    grancher (0.1.5)
      gash
    jeweler (1.6.4)
      bundler (~> 1.0)
      git (>= 1.2.5)
      rake
    json (1.5.3)
    open4 (0.9.6)
    rainbow (1.1.1)
    rake (0.9.2)
    rdoc (2.4.3)
    sdoc (0.2.20)
      json (>= 1.1.3)
      rdoc (= 2.4.3)

PLATFORMS
  ruby

DEPENDENCIES
  gli
  grancher
  jeweler
  rainbow
  sdoc
